GEM
  remote: https://rubygems.org/
  specs:
    thor (0.19.1)

PLATFORMS
  ruby
  x64-mingw32

DEPENDENCIES
  thor
