GEM
  remote: https://rubygems.org/
  specs:
    i18n (0.7.0)
    thor (0.19.1)

PLATFORMS
  ruby
  x64-mingw32

DEPENDENCIES
  i18n
  thor

BUNDLED WITH
   1.10.6
